PATH
  remote: .
  specs:
    jenkinsrc (0.0.1)
      nokogiri (~> 1.5.9)

GEM
  remote: http://rubygems.org/
  specs:
    diff-lcs (1.2.1)
    nokogiri (1.5.9)
    rake (10.0.3)
    rspec (2.13.0)
      rspec-core (~> 2.13.0)
      rspec-expectations (~> 2.13.0)
      rspec-mocks (~> 2.13.0)
    rspec-core (2.13.0)
    rspec-expectations (2.13.0)
      diff-lcs (>= 1.1.3, < 2.0)
    rspec-mocks (2.13.0)

PLATFORMS
  ruby

DEPENDENCIES
  jenkinsrc!
  rake (~> 10.0.3)
  rspec (~> 2.13.0)
